GEM
  remote: https://rubygems.org/
  specs:
    bubble-wrap (1.4.0)
    motion-testflight (1.5)
    rake (10.1.1)
    sugarcube (1.3.11)

PLATFORMS
  ruby

DEPENDENCIES
  bubble-wrap
  motion-testflight
  rake
  sugarcube
